GEM
  remote: https://rubygems.org/
  specs:
    allure-rspec (0.6.4)
      allure-ruby-adaptor-api (= 0.6.3)
      rspec (= 3.0.0)
    allure-ruby-adaptor-api (0.6.3)
      mimemagic
      nokogiri (~> 1.6.0)
      uuid
    childprocess (0.3.9)
      ffi (~> 1.0, >= 1.0.11)
    diff-lcs (1.2.5)
    ffi (1.6.0)
    ffi (1.6.0-java)
    macaddr (1.7.1)
      systemu (~> 2.6.2)
    mimemagic (0.2.1)
    mini_portile (0.6.0)
    multi_json (1.7.2)
    nokogiri (1.6.3.1)
      mini_portile (= 0.6.0)
    parallel (1.2.2)
    parallel_tests (1.0.3)
      parallel
    rspec (3.0.0)
      rspec-core (~> 3.0.0)
      rspec-expectations (~> 3.0.0)
      rspec-mocks (~> 3.0.0)
    rspec-core (3.0.4)
      rspec-support (~> 3.0.0)
    rspec-expectations (3.0.4)
      diff-lcs (>= 1.2.0, < 2.0)
      rspec-support (~> 3.0.0)
    rspec-mocks (3.0.4)
      rspec-support (~> 3.0.0)
    rspec-support (3.0.4)
    rubyzip (0.9.9)
    selenium-webdriver (2.31.0)
      childprocess (>= 0.2.5)
      multi_json (~> 1.0)
      rubyzip
      websocket (~> 1.0.4)
    systemu (2.6.4)
    uuid (2.3.7)
      macaddr (~> 1.0)
    websocket (1.0.7)

PLATFORMS
  java
  ruby

DEPENDENCIES
  allure-rspec (~> 0.6.4)
  parallel_tests
  selenium-webdriver
